GEM
  remote: https://rubygems.org/
  specs:
    ffi (1.10.0)
    gruff (0.7.0)
      rmagick (~> 2.13, >= 2.13.4)
    natto (1.1.2)
      ffi (>= 1.9.0)
    rmagick (2.16.0)

PLATFORMS
  ruby

DEPENDENCIES
  gruff
  natto

BUNDLED WITH
   1.17.3
